PATH
  remote: .
  specs:
    termup (2.0.4)
      rb-scpt (~> 1.0.1)
      thor (~> 0.16.0)

GEM
  remote: https://rubygems.org/
  specs:
    rb-scpt (1.0.1)
    thor (0.16.0)

PLATFORMS
  ruby

DEPENDENCIES
  termup!

BUNDLED WITH
   1.10.6
