PATH
  remote: .
  specs:
    termup (1.3.0)
      rb-appscript (~> 0.6.1)
      thor (~> 0.16.0)

GEM
  remote: https://rubygems.org/
  specs:
    rb-appscript (0.6.1)
    thor (0.16.0)

PLATFORMS
  ruby

DEPENDENCIES
  termup!
